PATH
  remote: .
  specs:
    assumption (0.2.0)
      bundler (~> 2.0)
      minitest (~> 5.0)
      nokogiri (~> 1.10)
      rake (~> 10.0)
      tco (~> 0.1.8)

GEM
  remote: https://rubygems.org/
  specs:
    mini_portile2 (2.8.0)
    minitest (5.16.3)
    nokogiri (1.13.9)
      mini_portile2 (~> 2.8.0)
      racc (~> 1.4)
    racc (1.6.0)
    rake (10.5.0)
    tco (0.1.8)

PLATFORMS
  ruby

DEPENDENCIES
  assumption!

BUNDLED WITH
   2.0.2
