PATH
  remote: .
  specs:
    assumption (0.2.0)
      bundler (~> 2.0)
      minitest (~> 5.0)
      nokogiri (~> 1.10)
      rake (~> 10.0)
      tco (~> 0.1.8)

GEM
  remote: https://rubygems.org/
  specs:
    mini_portile2 (2.5.1)
    minitest (5.12.2)
    nokogiri (1.11.5)
      mini_portile2 (~> 2.5.0)
      racc (~> 1.4)
    racc (1.5.2)
    rake (10.5.0)
    tco (0.1.8)

PLATFORMS
  ruby

DEPENDENCIES
  assumption!

BUNDLED WITH
   2.0.2
